PATH
  remote: .
  specs:
    lolize (0.0.3)
      paint (~> 0.8.3)

GEM
  remote: http://rubygems.org/
  specs:
    paint (0.8.3)
    rake (0.9.2)

PLATFORMS
  ruby

DEPENDENCIES
  lolize!
  paint (~> 0.8.3)
  rake
